PATH
  remote: .
  specs:
    emcurl (0.0.2)
      eventmachine (= 0.12.10)

GEM
  remote: https://rubygems.org/
  specs:
    eventmachine (0.12.10)

PLATFORMS
  ruby

DEPENDENCIES
  emcurl!
